GEM
  remote: https://rubygems.org/
  specs:
    actionmailer (4.2.1)
      # vulnerable pack - actionpack (= 4.2.1)
      # vulnerable pack - actionview (= 4.2.1)
      # vulnerable pack - activejob (= 4.2.1)
      mail (~> 2.5, >= 2.5.4)
      rails-dom-testing (~> 1.0, >= 1.0.5)
    # vulnerable pack - actionpack (4.2.1)
      # vulnerable pack - actionview (= 4.2.1)
      # vulnerable pack - activesupport (= 4.2.1)
      # vulnerable pack - rack (~> 1.6)
      rack-test (~> 0.6.2)
      rails-dom-testing (~> 1.0, >= 1.0.5)
      # vulnerable pack - rails-html-sanitizer (~> 1.0, >= 1.0.1)
    # vulnerable pack - actionview (4.2.1)
      # vulnerable pack - activesupport (= 4.2.1)
      builder (~> 3.1)
      erubis (~> 2.7.0)
      rails-dom-testing (~> 1.0, >= 1.0.5)
      # vulnerable pack - rails-html-sanitizer (~> 1.0, >= 1.0.1)
    # vulnerable pack - activejob (4.2.1)
      # vulnerable pack - activesupport (= 4.2.1)
      globalid (>= 0.3.0)
    # vulnerable pack - activemodel (4.2.1)
      # vulnerable pack - activesupport (= 4.2.1)
      builder (~> 3.1)
    # vulnerable pack - activerecord (4.2.1)
      # vulnerable pack - activemodel (= 4.2.1)
      # vulnerable pack - activesupport (= 4.2.1)
      arel (~> 6.0)
    # vulnerable pack - activesupport (4.2.1)
      # vulnerable pack - i18n (~> 0.7)
      # vulnerable pack - json (~> 1.7, >= 1.7.7)
      minitest (~> 5.1)
      thread_safe (~> 0.3, >= 0.3.4)
      tzinfo (~> 1.1)
    arel (6.0.0)
    binding_of_caller (0.7.2)
      debug_inspector (>= 0.0.1)
    builder (3.2.2)
    byebug (5.0.0)
      columnize (= 0.9.0)
    coffee-rails (4.1.0)
      coffee-script (>= 2.2.0)
      railties (>= 4.0.0, < 5.0)
    coffee-script (2.4.1)
      coffee-script-source
      execjs
    coffee-script-source (1.9.1.1)
    columnize (0.9.0)
    debug_inspector (0.0.2)
    erubis (2.7.0)
    execjs (2.5.2)
    globalid (0.3.5)
      # vulnerable pack - activesupport (>= 4.1.0)
    # vulnerable pack - i18n (0.7.0)
    jbuilder (2.3.0)
      # vulnerable pack - activesupport (>= 3.0.0, < 5)
      multi_json (~> 1.2)
    jquery-rails (4.0.4)
      rails-dom-testing (~> 1.0)
      railties (>= 4.2.0)
      thor (>= 0.14, < 2.0)
    # vulnerable pack - json (1.8.3)
    # vulnerable pack - loofah (2.0.2)
      # vulnerable pack - nokogiri (>= 1.5.9)
    mail (2.6.3)
      mime-types (>= 1.16, < 3)
    mime-types (2.6.1)
    mini_portile (0.6.2)
    minitest (5.7.0)
    multi_json (1.11.1)
    # vulnerable pack - nokogiri (1.6.6.2)
      mini_portile (~> 0.6.0)
    # vulnerable pack - rack (1.6.2)
    rack-test (0.6.3)
      # vulnerable pack - rack (>= 1.0)
    rails (4.2.1)
      actionmailer (= 4.2.1)
      # vulnerable pack - actionpack (= 4.2.1)
      # vulnerable pack - actionview (= 4.2.1)
      # vulnerable pack - activejob (= 4.2.1)
      # vulnerable pack - activemodel (= 4.2.1)
      # vulnerable pack -  activerecord (= 4.2.1)
      # vulnerable pack - activesupport (= 4.2.1)
      bundler (>= 1.3.0, < 2.0)
      railties (= 4.2.1)
      sprockets-rails
    rails-deprecated_sanitizer (1.0.3)
      # vulnerable pack - activesupport (>= 4.2.0.alpha)
    rails-dom-testing (1.0.6)
      # vulnerable pack - activesupport (>= 4.2.0.beta, < 5.0)
      # vulnerable pack - nokogiri (~> 1.6.0)
      rails-deprecated_sanitizer (>= 1.0.1)
    # vulnerable pack - rails-html-sanitizer (1.0.2)
      # vulnerable pack - loofah (~> 2.0)
    railties (4.2.1)
      # vulnerable pack -  actionpack (= 4.2.1)
      # vulnerable pack - activesupport (= 4.2.1)
      # vulnerable pack - rake (>= 0.8.7)
      thor (>= 0.18.1, < 2.0)
    # vulnerable pack - rake (10.4.2)
    # vulnerable pack - rdoc (4.2.0)
    sass (3.4.14)
    sass-rails (5.0.3)
      railties (>= 4.0.0, < 5.0)
      sass (~> 3.1)
      # vulnerable pack - sprockets (>= 2.8, < 4.0)
      sprockets-rails (>= 2.0, < 4.0)
      tilt (~> 1.1)
    sdoc (0.4.1)
      # vulnerable pack - json (~> 1.7, >= 1.7.7)
      # vulnerable pack - rdoc (~> 4.0)
    spring (1.3.6)
    # vulnerable pack - sprockets (3.2.0)
      # vulnerable pack - rack (~> 1.0)
    sprockets-rails (2.3.1)
      # vulnerable pack -  actionpack (>= 3.0)
      # vulnerable pack - activesupport (>= 3.0)
      # vulnerable pack - sprockets (>= 2.8, < 4.0)
    sqlite3 (1.3.10)
    thor (0.19.1)
    thread_safe (0.3.5)
    tilt (1.4.1)
    turbolinks (2.5.3)
      coffee-rails
    tzinfo (1.2.2)
      thread_safe (~> 0.1)
    uglifier (2.7.1)
      execjs (>= 0.3.0)
      # vulnerable pack - json (>= 1.8.0)
    web-console (2.1.3)
      # vulnerable pack - activemodel (>= 4.0) 
      binding_of_caller (>= 0.7.2)
      railties (>= 4.0)
      sprockets-rails (>= 2.0, < 4.0)

PLATFORMS
  ruby

DEPENDENCIES
  byebug
  coffee-rails (~> 4.1.0)
  jbuilder (~> 2.0)
  jquery-rails
  rails (= 4.2.1)
  sass-rails (~> 5.0)
  sdoc (~> 0.4.0)
  spring
  sqlite3
  turbolinks
  uglifier (>= 1.3.0)
  web-console (~> 2.0)

BUNDLED WITH
   1.10.4
